GEM
  remote: https://rubygems.org/
  specs:
    activemodel (3.2.13)
      activesupport (= 3.2.13)
      builder (~> 3.0.0)
    activesupport (3.2.13)
      i18n (= 0.6.1)
      multi_json (~> 1.0)
    aws-sdk (1.11.1)
      json (~> 1.4)
      nokogiri (>= 1.4.4)
      uuidtools (~> 2.1)
    builder (3.0.4)
    chronic (0.9.1)
    citrus (2.4.1)
    dynamoid (0.6.1)
      activemodel
      aws-sdk
      tzinfo
    i18n (0.6.1)
    json (1.8.0)
    mini_portile (0.5.0)
    multi_json (1.7.7)
    nokogiri (1.6.0)
      mini_portile (~> 0.5.0)
    toml-rb (0.1.3)
      citrus
    tzinfo (1.0.0)
    uuidtools (2.1.4)

PLATFORMS
  ruby

DEPENDENCIES
  activesupport
  aws-sdk
  chronic
  dynamoid
  nokogiri
  toml-rb
